PATH
  remote: .
  specs:
    ruby-uv (0.0.2)
      spox-plist
      spox-textpow

GEM
  remote: http://rubygems.org/
  specs:
    spox-plist (3.0.1)
    spox-textpow (0.10.3)
      spox-plist

PLATFORMS
  ruby

DEPENDENCIES
  ruby-uv!
